GEM
  remote: https://rubygems.org/
  specs:
    faraday (0.9.0)
      multipart-post (>= 1.2, < 3)
    kneescraper (0.0.1)
      faraday
      nokogiri
    mini_portile (0.5.3)
    multipart-post (2.0.0)
    nokogiri (1.6.1)
      mini_portile (~> 0.5.0)

PLATFORMS
  ruby

DEPENDENCIES
  kneescraper (~> 0.0.1)
